GEM
  remote: https://rubygems.org/
  specs:
    activesupport (4.1.0.beta1)
      i18n (~> 0.6, >= 0.6.9)
      json (~> 1.7, >= 1.7.7)
      minitest (~> 5.1)
      thread_safe (~> 0.1)
      tzinfo (~> 1.1)
    analyst (1.2.0)
      haml
      parser
      thor
    ast (2.0.0)
    astrolabe (1.3.0)
      parser (>= 2.2.0.pre.3, < 3.0)
    atomic (1.1.14)
    haml (4.0.5)
      tilt
    i18n (0.6.9)
    json (1.8.1)
    minitest (5.2.2)
    parser (2.2.0.3)
      ast (>= 1.1, < 3.0)
    powerpack (0.1.0)
    rack (1.5.2)
    rainbow (2.0.0)
    rubocop (0.29.1)
      astrolabe (~> 1.3)
      parser (>= 2.2.0.1, < 3.0)
      powerpack (~> 0.1)
      rainbow (>= 1.99.1, < 3.0)
      ruby-progressbar (~> 1.4)
    ruby-progressbar (1.7.1)
    shotgun (0.9)
      rack (>= 1.0)
    society (1.1.1)
      activesupport
      analyst (>= 1.0.0)
      parser
      rainbow
      terminal-table
      thor
    terminal-table (1.4.5)
    thor (0.18.1)
    thread_safe (0.1.3)
      atomic
    tilt (1.4.1)
    tzinfo (1.1.0)
      thread_safe (~> 0.1)

PLATFORMS
  ruby

DEPENDENCIES
  rubocop
  shotgun
  society
